GEM
  remote: http://rubygems.org/
  specs:
    activesupport (2.3.5)
    addressable (2.2.2)
    configliere (0.1.1)
    imw (0.2.11)
    json (1.4.6)
    mime-types (1.16)
    rest-client (1.6.1)
      mime-types (>= 1.16)
    rspec (1.3.0)

PLATFORMS
  ruby

DEPENDENCIES
  activesupport (= 2.3.5)
  addressable
  configliere
  imw (>= 0.2.11)
  json
  rest-client (>= 1.6.1)
  rspec (= 1.3.0)
