PATH
  remote: .
  specs:
    chimps (0.3.3)

GEM
  remote: http://rubygems.org/
  specs:
    addressable (2.2.5)
    configliere (0.3.4)
    diff-lcs (1.1.2)
    json (1.4.6)
    mime-types (1.16)
    rest-client (1.6.1)
      mime-types (>= 1.16)
    rspec (2.5.0)
      rspec-core (~> 2.5.0)
      rspec-expectations (~> 2.5.0)
      rspec-mocks (~> 2.5.0)
    rspec-core (2.5.1)
    rspec-expectations (2.5.0)
      diff-lcs (~> 1.1.2)
    rspec-mocks (2.5.0)

PLATFORMS
  ruby

DEPENDENCIES
  addressable
  chimps!
  configliere (>= 0.3.2)
  json (= 1.4.6)
  rest-client (>= 1.6.1)
  rspec
