PATH
  remote: .
  specs:
    chimps (0.3.6)
      addressable
      configliere (= 0.4.6)
      json
      rest-client (>= 1.6.1)

GEM
  remote: http://rubygems.org/
  specs:
    addressable (2.2.6)
    configliere (0.4.6)
    diff-lcs (1.1.3)
    json (1.5.4)
    mime-types (1.16)
    rake (0.9.2)
    rest-client (1.6.7)
      mime-types (>= 1.16)
    rspec (2.6.0)
      rspec-core (~> 2.6.0)
      rspec-expectations (~> 2.6.0)
      rspec-mocks (~> 2.6.0)
    rspec-core (2.6.4)
    rspec-expectations (2.6.0)
      diff-lcs (~> 1.1.2)
    rspec-mocks (2.6.0)
    yard (0.7.2)

PLATFORMS
  ruby

DEPENDENCIES
  chimps!
  rake (~> 0.9.2)
  rspec (~> 2.6.0)
  yard (~> 0.7.2)
